GEM
  remote: https://rubygems.org/
  specs:
    json (1.8.3)
    puma (3.4.0)
    rack (1.6.4)
    rack-protection (1.5.3)
      rack
    rake (11.1.2)
    sinatra (1.4.7)
      rack (~> 1.5)
      rack-protection (~> 1.4)
      tilt (>= 1.3, < 3)
    tilt (2.0.2)

PLATFORMS
  ruby

DEPENDENCIES
  json
  puma
  rake (>= 0.9.2)
  sinatra

BUNDLED WITH
   1.12.0
